PATH
  remote: ../instapi
  specs:
    instapi (1.1.0)
      httpclient
      nokogiri

GEM
  remote: http://rubygems.org/
  specs:
    activesupport (3.1.0)
      multi_json (~> 1.0)
    dalli (1.1.4)
    erubis (2.7.0)
    g (1.4.0)
      ruby-growl (>= 1.0.1)
    httpclient (2.2.4)
    i18n (0.6.0)
    multi_json (1.0.3)
    nokogiri (1.5.0)
    rack (1.3.2)
    ruby-growl (3.0)
    sinatra (1.2.6)
      rack (~> 1.1)
      tilt (>= 1.2.2, < 2.0)
    tilt (1.3.2)

PLATFORMS
  ruby

DEPENDENCIES
  activesupport
  dalli
  erubis
  g
  i18n
  instapi!
  sinatra
